GEM
  remote: https://rubygems.org/
  specs:
    addressable (2.5.2)
      public_suffix (>= 2.0.2, < 4.0)
    adsf (1.1.1)
      rack (>= 1.0.0)
    colored (1.2)
    concurrent-ruby (1.0.5)
    cri (2.10.1)
      colored (~> 1.2)
    ddmemoize (1.0.0a3)
      ddtelemetry (= 1.0.0a2)
      ref (~> 2.0)
    ddplugin (1.0.1)
    ddtelemetry (1.0.0a2)
    hamster (3.0.0)
      concurrent-ruby (~> 1.0)
    nanoc (4.8.19)
      addressable (~> 2.5)
      cri (~> 2.8)
      ddmemoize (= 1.0.0a3)
      ddplugin (~> 1.0)
      ddtelemetry (= 1.0.0a2)
      hamster (~> 3.0)
      ref (~> 2.0)
      slow_enumerator_tools (~> 1.0)
    public_suffix (3.0.1)
    rack (1.6.4)
    ref (2.0.0)
    slow_enumerator_tools (1.1.0)

PLATFORMS
  ruby

DEPENDENCIES
  adsf
  nanoc

BUNDLED WITH
   1.14.6
