GEM
  remote: https://rubygems.org/
  specs:
    adsf (1.2.1)
      rack (>= 1.0.0)
    builder (3.2.3)
    coderay (1.1.2)
    colored (1.2)
    cri (2.9.1)
      colored (~> 1.2)
    method_source (0.9.0)
    nanoc (3.8.0)
      cri (~> 2.3)
    pry (0.11.3)
      coderay (~> 1.1.0)
      method_source (~> 0.9.0)
    rack (1.6.9)
    redcarpet (3.4.0)

PLATFORMS
  ruby

DEPENDENCIES
  adsf
  builder
  nanoc
  pry
  redcarpet

BUNDLED WITH
   1.15.4
